GEM
  remote: http://rubygems.org/
  specs:
    activesupport (3.2.2)
      i18n (~> 0.6)
      multi_json (~> 1.0)
    addressable (2.2.7)
    daemons (1.1.8)
    eventmachine (0.12.10)
    faraday (0.7.6)
      addressable (~> 2.2)
      multipart-post (~> 1.1)
      rack (~> 1.1)
    http_parser.rb (0.5.3)
    i18n (0.6.0)
    iron_worker (2.3.13)
      bundler
      bundler
      rest
      rest
      rest-client
      rest-client
      zip
      zip
    mime-types (1.17.2)
    multi_json (1.1.0)
    multipart-post (1.1.5)
    rack (1.4.1)
    rest (0.2.0)
      rest-client
      rest-client
    rest-client (1.6.7)
      mime-types (>= 1.16)
    simple_oauth (0.1.5)
    tweetbot (0.3.0)
      tweetstream
      twitter
    tweetstream (1.1.4)
      daemons (~> 1.1)
      multi_json (>= 1.0)
      twitter-stream (= 0.1.14)
    twitter (2.1.1)
      activesupport (>= 2.3.9, < 4)
      faraday (~> 0.7)
      multi_json (~> 1.0)
      simple_oauth (~> 0.1)
    twitter-stream (0.1.14)
      eventmachine (>= 0.12.8)
      http_parser.rb (~> 0.5.1)
      simple_oauth (~> 0.1.4)
    zip (2.0.2)

PLATFORMS
  ruby

DEPENDENCIES
  iron_worker (= 2.3.13)
  tweetbot (= 0.3.0)
  tweetstream (= 1.1.4)
  twitter (= 2.1.1)
